GIT
  remote: https://github.com/livestation/ruby-opencv.git
  revision: 42cd2bd9d14e8ced48554d4338171d1645141788
  specs:
    opencv (0.0.6.20120501011158)

GIT
  remote: https://github.com/livestation/ruby-tesseract.git
  revision: 25707e8945dc658c6eaab18afc5aabee6556458b
  specs:
    tesseract (0.1.1)

GEM
  remote: http://rubygems.org/
  remote: http://gems.github.com/
  specs:
    active_support (3.0.0)
      activesupport (= 3.0.0)
    activesupport (3.0.0)
    addressable (2.3.2)
    celluloid (0.12.2)
      facter (>= 1.6.12)
      timers (>= 1.0.0)
    connection_pool (0.9.2)
    dalli (2.2.1)
    dante (0.1.5)
    facter (1.6.13)
    foreman (0.60.2)
      thor (>= 0.13.6)
    i18n (0.6.1)
    launchy (2.1.2)
      addressable (~> 2.3)
    mail (2.4.4)
      i18n (>= 0.4.0)
      mime-types (~> 1.16)
      treetop (~> 1.4.8)
    mime-types (1.19)
    multi_json (1.3.6)
    nokogiri (1.5.5)
    polyglot (0.3.3)
    pony (1.4)
      mail (> 2.0)
    pusher (0.10.0)
      multi_json (~> 1.0)
      signature (~> 0.1.4)
    redis (3.0.2)
    redis-namespace (1.2.1)
      redis (~> 3.0.0)
    sidekiq (2.3.3)
      celluloid (~> 0.12.0)
      connection_pool (~> 0.9.2)
      multi_json (~> 1)
      redis (~> 3)
      redis-namespace
    signature (0.1.4)
    thor (0.16.0)
    timers (1.0.1)
    treetop (1.4.11)
      polyglot
      polyglot (>= 0.3.1)

PLATFORMS
  ruby

DEPENDENCIES
  active_support
  dalli
  dante
  foreman
  launchy
  nokogiri
  opencv!
  pony
  pusher
  redis
  sidekiq
  tesseract!
