GIT
  remote: https://github.com/ruby-opencv/ruby-opencv.git
  revision: 42cd2bd9d14e8ced48554d4338171d1645141788
  specs:
    opencv (0.0.6.20120501011158)

GIT
  remote: https://github.com/scottdavis/ruby-tesseract.git
  revision: c8658132f00f8562017b8c7c8312f17045e94e63
  specs:
    tesseract (0.1.1)

GEM
  remote: http://rubygems.org/
  remote: http://gems.github.com/
  specs:
    active_support (3.0.0)
      activesupport (= 3.0.0)
    activesupport (3.0.0)
    addressable (2.3.2)
    celluloid (0.12.2)
      facter (>= 1.6.12)
      timers (>= 1.0.0)
    connection_pool (0.9.2)
    dalli (2.2.1)
    facter (1.6.13)
    launchy (2.1.2)
      addressable (~> 2.3)
    multi_json (1.3.6)
    nokogiri (1.5.5)
    pusher (0.10.0)
      multi_json (~> 1.0)
      signature (~> 0.1.4)
    redis (3.0.2)
    redis-namespace (1.2.1)
      redis (~> 3.0.0)
    sidekiq (2.3.3)
      celluloid (~> 0.12.0)
      connection_pool (~> 0.9.2)
      multi_json (~> 1)
      redis (~> 3)
      redis-namespace
    signature (0.1.4)
    timers (1.0.1)

PLATFORMS
  ruby

DEPENDENCIES
  active_support
  dalli
  launchy
  nokogiri
  opencv!
  pusher
  redis
  sidekiq
  tesseract!
